PATH
  remote: .
  specs:
    mod_spox (0.4.0)
      actionpool (~> 0.2.3)
      actiontimer (~> 0.2.1)
      baseirc (~> 1.0)
      messagefactory (~> 0.0.5)
      pipeliner (~> 1.1)
      splib (~> 1.4.3)
      spockets (~> 0.1.1)

PATH
  remote: ../actionpool
  specs:
    actionpool (0.2.3)
      splib (~> 1.4)

PATH
  remote: ../actiontimer
  specs:
    actiontimer (0.2.1)
      actionpool (~> 0.2.3)
      splib (~> 1.4)

PATH
  remote: ../baseirc
  specs:
    baseirc (1.0)

PATH
  remote: ../messagefactory
  specs:
    messagefactory (0.0.6)
      splib (~> 1.4.3)

PATH
  remote: ../pipeliner
  specs:
    pipeliner (1.1)
      actionpool (~> 0.2.3)
      splib (~> 1.4.3)

PATH
  remote: ../splib
  specs:
    splib (1.4.3)

PATH
  remote: ../spockets
  specs:
    spockets (0.1.1)
      actionpool (~> 0.2.3)

GEM
  remote: http://rubygems.org/
  specs:
    rake (0.9.2.2)

PLATFORMS
  ruby

DEPENDENCIES
  actionpool!
  actiontimer!
  baseirc!
  messagefactory!
  mod_spox!
  pipeliner!
  rake
  splib!
  spockets!
